GEM
  remote: https://rubygems.org/
  specs:
    haml (3.1.7)
    jt-partial (1.0.3)
    moode-haml-component-angular (0.0.3)
    moode-haml-toolkit (1.1.6)
    rack (1.5.2)
    rack-protection (1.5.1)
      rack
    sinatra (1.4.4)
      rack (~> 1.4)
      rack-protection (~> 1.4)
      tilt (~> 1.3, >= 1.3.4)
    thor (0.18.1)
    tilt (1.4.1)

PLATFORMS
  ruby

DEPENDENCIES
  haml
  jt-partial (= 1.0.3)
  moode-haml-component-angular (= 0.0.3)
  moode-haml-toolkit (= 1.1.6)
  rack
  sinatra
  thor
